GEM
  remote: https://rubygems.org/
  specs:
    activemodel (3.2.13)
      activesupport (= 3.2.13)
      builder (~> 3.0.0)
    activerecord (3.2.13)
      activemodel (= 3.2.13)
      activesupport (= 3.2.13)
      arel (~> 3.0.2)
      tzinfo (~> 0.3.29)
    activesupport (3.2.13)
      i18n (= 0.6.1)
      multi_json (~> 1.0)
    arel (3.0.2)
    builder (3.0.4)
    i18n (0.6.1)
    mime-types (2.0)
    multi_json (1.7.7)
    rest-client (1.6.7)
      mime-types (>= 1.16)
    sqlite3 (1.3.13)
    tzinfo (0.3.61)

PLATFORMS
  ruby

DEPENDENCIES
  activerecord
  rest-client
  sqlite3
